GEM
  remote: http://rubygems.org/
  specs:
    diff-lcs (1.1.3)
    dnssd (2.0)
    eventmachine (0.12.10)
    git (1.2.5)
    jeweler (1.6.4)
      bundler (~> 1.0)
      git (>= 1.2.5)
      rake
    macaddr (1.5.0)
      systemu (>= 2.4.0)
    rake (0.9.2.2)
    rcov (0.9.11)
    rspec (2.3.0)
      rspec-core (~> 2.3.0)
      rspec-expectations (~> 2.3.0)
      rspec-mocks (~> 2.3.0)
    rspec-core (2.3.1)
    rspec-expectations (2.3.0)
      diff-lcs (~> 1.1.2)
    rspec-mocks (2.3.0)
    systemu (2.4.2)
    uuid (2.3.4)
      macaddr (~> 1.0)

PLATFORMS
  ruby

DEPENDENCIES
  bundler (~> 1.0.0)
  dnssd
  eventmachine
  jeweler (~> 1.6.4)
  rcov
  rspec (~> 2.3.0)
  uuid
